PATH
  remote: .
  specs:
    mysql2csv (0.1.0)
      caxlsx (~> 3.0.2)
      escape (~> 0.0.4)
      main (~> 6.2)
      mysql2 (~> 0.5.3)
      net-ssh (~> 6.1)
      net-ssh-gateway (~> 2.0.0)

GEM
  remote: https://rubygems.org/
  specs:
    activesupport (6.0.3.3)
      concurrent-ruby (~> 1.0, >= 1.0.2)
      i18n (>= 0.7, < 2)
      minitest (~> 5.1)
      tzinfo (~> 1.1)
      zeitwerk (~> 2.2, >= 2.2.2)
    arrayfields (4.9.2)
    awesome_print (1.8.0)
    byebug (11.1.3)
    caxlsx (3.0.2)
      htmlentities (~> 4.3, >= 4.3.4)
      mimemagic (~> 0.3)
      nokogiri (~> 1.10, >= 1.10.4)
      rubyzip (>= 1.3.0, < 3)
    chronic (0.10.2)
    colorize (0.8.1)
    concurrent-ruby (1.1.7)
    escape (0.0.4)
    fattr (2.4.0)
    htmlentities (4.3.4)
    i18n (1.8.5)
      concurrent-ruby (~> 1.0)
    letters (0.4.1)
      activesupport
      awesome_print
      colorize
      xml-simple
    main (6.2.3)
      arrayfields (~> 4.7, >= 4.7.4)
      chronic (~> 0.6, >= 0.6.2)
      fattr (~> 2.2, >= 2.2.0)
      map (~> 6.1, >= 6.1.0)
    map (6.6.0)
    mimemagic (0.3.5)
    mini_portile2 (2.4.0)
    minitest (5.14.2)
    mysql2 (0.5.3)
    net-ssh (6.1.0)
    net-ssh-gateway (2.0.0)
      net-ssh (>= 4.0.0)
    nokogiri (1.10.10)
      mini_portile2 (~> 2.4.0)
    rake (12.3.3)
    rubyzip (2.3.0)
    thread_safe (0.3.6)
    tzinfo (1.2.7)
      thread_safe (~> 0.1)
    xml-simple (1.1.5)
    zeitwerk (2.4.0)

PLATFORMS
  ruby

DEPENDENCIES
  bundler (~> 2)
  byebug (~> 11.1)
  letters (~> 0.4)
  mysql2csv!
  rake (~> 12.0)

BUNDLED WITH
   2.1.4
