GEM
  remote: http://rubygems.org/
  specs:
    activesupport (6.0.3.3)
      concurrent-ruby (~> 1.0, >= 1.0.2)
      i18n (>= 0.7, < 2)
      minitest (~> 5.1)
      tzinfo (~> 1.1)
      zeitwerk (~> 2.2, >= 2.2.2)
    arrayfields (4.9.2)
    awesome_print (1.8.0)
    byebug (11.1.3)
    chronic (0.10.2)
    colorize (0.8.1)
    concurrent-ruby (1.1.7)
    escape (0.0.4)
    fattr (2.4.0)
    i18n (1.8.5)
      concurrent-ruby (~> 1.0)
    letters (0.4.1)
      activesupport
      awesome_print
      colorize
      xml-simple
    main (6.2.3)
      arrayfields (~> 4.7, >= 4.7.4)
      chronic (~> 0.6, >= 0.6.2)
      fattr (~> 2.2, >= 2.2.0)
      map (~> 6.1, >= 6.1.0)
    map (6.6.0)
    mini_portile2 (2.4.0)
    minitest (5.14.2)
    mysql2 (0.5.3)
    net-ssh (6.1.0)
    net-ssh-gateway (2.0.0)
      net-ssh (>= 4.0.0)
    nokogiri (1.10.10)
      mini_portile2 (~> 2.4.0)
    rubyXL (3.4.15)
      nokogiri (>= 1.10.8)
      rubyzip (>= 1.3.0)
    rubyzip (2.3.0)
    thread_safe (0.3.6)
    tzinfo (1.2.7)
      thread_safe (~> 0.1)
    xml-simple (1.1.5)
    zeitwerk (2.4.0)

PLATFORMS
  ruby

DEPENDENCIES
  byebug (~> 11.1)
  escape
  letters
  main
  mysql2
  net-ssh
  net-ssh-gateway
  rubyXL (~> 3.3)

BUNDLED WITH
   2.1.4
